GEM
  remote: http://rubygems.org/
  specs:
    CFPropertyList (2.2.8)
    activesupport (4.1.8)
      i18n (~> 0.6, >= 0.6.9)
      json (~> 1.7, >= 1.7.7)
      minitest (~> 5.1)
      thread_safe (~> 0.1)
      tzinfo (~> 1.1)
    addressable (2.3.6)
    animation (0.1.alpha.3)
      compass (>= 0.12.0)
      sass (>= 3.2.0.alpha.95)
    awesome_print (1.2.0)
    bootstrap-sass (3.3.1.0)
      sass (~> 3.2)
    buftok (0.2.0)
    builder (3.2.2)
    ceaser-easing (0.7)
      compass (>= 0.12.2)
      rake
    celluloid (0.16.0)
      timers (~> 4.0.0)
    chunky_png (1.3.3)
    coffee-script (2.3.0)
      coffee-script-source
      execjs
    coffee-script-source (1.8.0)
    colorize (0.7.5)
    compass (1.0.1)
      chunky_png (~> 1.2)
      compass-core (~> 1.0.1)
      compass-import-once (~> 1.0.5)
      rb-fsevent (>= 0.9.3)
      rb-inotify (>= 0.9)
      sass (>= 3.3.13, < 3.5)
    compass-core (1.0.1)
      multi_json (~> 1.0)
      sass (>= 3.3.0, < 3.5)
    compass-import-once (1.0.5)
      sass (>= 3.2, < 3.5)
    crass (0.2.1)
    dotenv (1.0.2)
    em-websocket (0.5.1)
      eventmachine (>= 0.12.9)
      http_parser.rb (~> 0.6.0)
    equalizer (0.0.9)
    erubis (2.7.0)
    eventmachine (1.0.3)
    excon (0.42.1)
    execjs (2.2.2)
    faraday (0.9.0)
      multipart-post (>= 1.2, < 3)
    faraday_middleware (0.9.1)
      faraday (>= 0.7.4, < 0.10)
    ffi (1.9.6)
    fission (0.5.0)
      CFPropertyList (~> 2.2)
    fog (1.26.0)
      fog-atmos
      fog-brightbox (~> 0.4)
      fog-core (~> 1.27, >= 1.27.1)
      fog-ecloud
      fog-json
      fog-profitbricks
      fog-radosgw (>= 0.0.2)
      fog-sakuracloud (>= 0.0.4)
      fog-softlayer
      fog-storm_on_demand
      fog-terremark
      fog-vmfusion
      fog-voxel
      fog-xml (~> 0.1.1)
      ipaddress (~> 0.5)
      nokogiri (~> 1.5, >= 1.5.11)
    fog-atmos (0.1.0)
      fog-core
      fog-xml
    fog-brightbox (0.7.1)
      fog-core (~> 1.22)
      fog-json
      inflecto (~> 0.0.2)
    fog-core (1.27.2)
      builder
      excon (~> 0.38)
      formatador (~> 0.2)
      mime-types
      net-scp (~> 1.1)
      net-ssh (>= 2.1.3)
    fog-ecloud (0.0.2)
      fog-core
      fog-xml
    fog-json (1.0.0)
      multi_json (~> 1.0)
    fog-profitbricks (0.0.1)
      fog-core
      fog-xml
      nokogiri
    fog-radosgw (0.0.3)
      fog-core (>= 1.21.0)
      fog-json
      fog-xml (>= 0.0.1)
    fog-sakuracloud (0.1.1)
      fog-core
      fog-json
    fog-softlayer (0.3.25)
      fog-core
      fog-json
    fog-storm_on_demand (0.1.0)
      fog-core
      fog-json
    fog-terremark (0.0.3)
      fog-core
      fog-xml
    fog-vmfusion (0.0.1)
      fission
      fog-core
    fog-voxel (0.0.2)
      fog-core
      fog-xml
    fog-xml (0.1.1)
      fog-core
      nokogiri (~> 1.5, >= 1.5.11)
    fontcustom (1.3.7)
      json (~> 1.4)
      listen (>= 1.0, < 3.0)
      thor (~> 0.14)
    foreman (0.76.0)
      dotenv (~> 1.0.2)
      thor (~> 0.19.1)
    formatador (0.2.5)
    haml (4.0.6)
      tilt
    handlebars_assets (0.18)
      execjs (>= 1.2.9)
      multi_json
      sprockets (>= 2.0.3)
      tilt
    hashie (3.3.2)
    hike (1.2.3)
    hitimes (1.2.2)
    hooks (0.4.0)
      uber (~> 0.0.4)
    htmlcompressor (0.1.2)
    http (0.6.3)
      http_parser.rb (~> 0.6.0)
    http_parser.rb (0.6.0)
    httpclient (2.5.3.3)
    hullio (0.4.0)
      addressable (~> 2.3)
      faraday (>= 0.7, < 0.10)
      faraday_middleware (>= 0.7, < 0.10)
      jwt (~> 1.0)
      mime-types (~> 2.0)
      multi_json (~> 1.0)
      postrank-uri (~> 1.0)
    i18n (0.6.11)
    inflecto (0.0.2)
    ipaddress (0.8.0)
    json (1.8.1)
    jwt (1.2.0)
    kramdown (1.5.0)
    listen (2.8.3)
      celluloid (>= 0.15.2)
      rb-fsevent (>= 0.9.3)
      rb-inotify (>= 0.9)
    map (6.5.5)
    memoizable (0.4.2)
      thread_safe (~> 0.3, >= 0.3.1)
    middleman (3.3.7)
      coffee-script (~> 2.2)
      compass (>= 1.0.0, < 2.0.0)
      compass-import-once (= 1.0.5)
      execjs (~> 2.0)
      haml (>= 4.0.5)
      kramdown (~> 1.2)
      middleman-core (= 3.3.7)
      middleman-sprockets (>= 3.1.2)
      sass (>= 3.4.0, < 4.0)
      uglifier (~> 2.5)
    middleman-core (3.3.7)
      activesupport (~> 4.1.0)
      bundler (~> 1.1)
      erubis
      hooks (~> 0.3)
      i18n (~> 0.6.9)
      listen (>= 2.7.9, < 3.0)
      padrino-helpers (~> 0.12.3)
      rack (>= 1.4.5, < 2.0)
      rack-test (~> 0.6.2)
      thor (>= 0.15.2, < 2.0)
      tilt (~> 1.4.1, < 2.0)
    middleman-gh-pages (0.0.3)
      rake (> 0.9.3)
    middleman-livereload (3.3.4)
      em-websocket (~> 0.5.1)
      middleman-core (~> 3.2)
      rack-livereload (~> 0.3.15)
    middleman-minify-html (3.4.0)
      htmlcompressor (~> 0.1.0)
      middleman-core (>= 3.2)
    middleman-s3_sync (3.0.38)
      colorize
      fog (>= 1.25.0)
      map
      middleman-core (>= 3.0.0)
      pmap
      ruby-progressbar
      unf
    middleman-smusher (3.0.0)
      middleman (>= 3.0.0)
      smusher (~> 0.4.9)
    middleman-sprockets (3.3.10)
      middleman-core (~> 3.3)
      sprockets (~> 2.12.1)
      sprockets-helpers (~> 1.1.0)
      sprockets-sass (~> 1.2.0)
    mime-types (2.4.3)
    mini_portile (0.6.1)
    minitest (5.5.0)
    multi_json (1.10.1)
    multipart-post (2.0.0)
    naught (1.0.0)
    net-scp (1.2.1)
      net-ssh (>= 2.6.5)
    net-ssh (2.9.1)
    nokogiri (1.6.5)
      mini_portile (~> 0.6.0)
    nokogumbo (1.1.12)
      nokogiri
    oj (2.11.1)
    padrino-helpers (0.12.4)
      i18n (~> 0.6, >= 0.6.7)
      padrino-support (= 0.12.4)
      tilt (~> 1.4.1)
    padrino-support (0.12.4)
      activesupport (>= 3.1)
    pmap (1.0.2)
    postrank-uri (1.0.18)
      addressable (~> 2.3.0)
      nokogiri (~> 1.6.1)
      public_suffix (~> 1.1.3)
    public_suffix (1.1.3)
    puma (2.10.2)
      rack (>= 1.1, < 2.0)
    rack (1.5.2)
    rack-contrib (1.2.0)
      rack (>= 0.9.1)
    rack-cors (0.2.9)
    rack-environment (1.2.0)
    rack-livereload (0.3.15)
      rack
    rack-rewrite (1.5.0)
    rack-test (0.6.2)
      rack (>= 1.0)
    rake (10.4.2)
    random_data (1.6.0)
    rb-fsevent (0.9.4)
    rb-inotify (0.9.5)
      ffi (>= 0.5.0)
    ruby-progressbar (1.7.0)
    sanitize (3.0.4)
      crass (~> 0.2.0)
      nokogiri (>= 1.4.4)
      nokogumbo (= 1.1.12)
    sass (3.4.9)
    sass-getunicode (1.0)
      sass (>= 3)
    simple_oauth (0.3.0)
    slim (3.0.0)
      temple (~> 0.7.3)
      tilt (>= 1.3.3, < 2.1)
    smusher (0.4.9)
      httpclient (>= 2.2)
      json
      rake
    sprockets (2.12.3)
      hike (~> 1.2)
      multi_json (~> 1.0)
      rack (~> 1.0)
      tilt (~> 1.1, != 1.3.0)
    sprockets-helpers (1.1.0)
      sprockets (~> 2.0)
    sprockets-sass (1.2.0)
      sprockets (~> 2.0)
      tilt (~> 1.1)
    temple (0.7.3)
    thor (0.19.1)
    thread_safe (0.3.4)
    tilt (1.4.1)
    timers (4.0.1)
      hitimes
    toolkit (2.6.0)
      sass (~> 3.3)
    twitter (5.13.0)
      addressable (~> 2.3)
      buftok (~> 0.2.0)
      equalizer (~> 0.0.9)
      faraday (~> 0.9.0)
      http (~> 0.6.0)
      http_parser.rb (~> 0.6.0)
      json (~> 1.8)
      memoizable (~> 0.4.0)
      naught (~> 1.0)
      simple_oauth (~> 0.3.0)
    tzinfo (1.2.2)
      thread_safe (~> 0.1)
    uber (0.0.11)
    uglifier (2.6.0)
      execjs (>= 0.3.0)
      json (>= 1.8.0)
    uifaces (0.0.2)
    unf (0.1.4)
      unf_ext
    unf_ext (0.0.6)

PLATFORMS
  ruby

DEPENDENCIES
  activesupport
  animation
  awesome_print
  bootstrap-sass
  builder
  ceaser-easing
  compass
  execjs
  fontcustom
  foreman
  handlebars_assets
  hashie
  hullio
  json (~> 1.8.0)
  middleman
  middleman-gh-pages
  middleman-livereload
  middleman-minify-html
  middleman-s3_sync
  middleman-smusher
  middleman-sprockets
  oj
  puma
  rack-contrib
  rack-cors
  rack-environment
  rack-rewrite
  rake
  random_data
  sanitize
  sass
  sass-getunicode
  slim
  toolkit
  twitter
  uglifier
  uifaces
